GEM
  remote: https://rubygems.org/
  specs:
    ast (2.4.0)
    coveralls (0.8.21)
      json (>= 1.8, < 3)
      simplecov (~> 0.14.1)
      term-ansicolor (~> 1.3)
      thor (~> 0.19.4)
      tins (~> 1.6)
    diff-lcs (1.2.5)
    docile (1.1.5)
    hpricot (0.8.6)
    jaro_winkler (1.5.1)
    json (2.1.0)
    metaclass (0.0.4)
    minitest (5.4.1)
    minitest-colorize (0.0.5)
      minitest (>= 2.0)
    mocha (1.1.0)
      metaclass (~> 0.0.1)
    mustache (1.0.0)
    parallel (1.12.1)
    parser (2.5.1.0)
      ast (~> 2.4.0)
    powerpack (0.1.2)
    rainbow (3.0.0)
    rake (10.0.4)
    rdiscount (2.1.8)
    ronn (0.7.3)
      hpricot (>= 0.8.2)
      mustache (>= 0.7.0)
      rdiscount (>= 1.5.8)
    rspec (3.0.0)
      rspec-core (~> 3.0.0)
      rspec-expectations (~> 3.0.0)
      rspec-mocks (~> 3.0.0)
    rspec-core (3.0.2)
      rspec-support (~> 3.0.0)
    rspec-expectations (3.0.2)
      diff-lcs (>= 1.2.0, < 2.0)
      rspec-support (~> 3.0.0)
    rspec-mocks (3.0.2)
      rspec-support (~> 3.0.0)
    rspec-support (3.0.2)
    rubocop (0.57.2)
      jaro_winkler (~> 1.5.1)
      parallel (~> 1.10)
      parser (>= 2.5)
      powerpack (~> 0.1)
      rainbow (>= 2.2.2, < 4.0)
      ruby-progressbar (~> 1.7)
      unicode-display_width (~> 1.0, >= 1.0.1)
    ruby-progressbar (1.9.0)
    simplecov (0.14.1)
      docile (~> 1.1.0)
      json (>= 1.8, < 3)
      simplecov-html (~> 0.10.0)
    simplecov-html (0.10.2)
    term-ansicolor (1.6.0)
      tins (~> 1.0)
    thor (0.19.4)
    tins (1.16.3)
    unicode-display_width (1.4.0)

PLATFORMS
  ruby

DEPENDENCIES
  coveralls (>= 0.7.11)
  minitest (= 5.4.1)
  minitest-colorize
  mocha (= 1.1.0)
  rake
  ronn (= 0.7.3)
  rspec (~> 3.0.0)
  rubocop (>= 0.49.0)

BUNDLED WITH
   1.16.1
